PATH
  remote: .
  specs:
    squash (0.0.8)
      akephalos (= 0.2.5)
      capybara (= 0.4.1.2)
      cucumber (= 0.10.2)
      hirb (= 0.4.0)
      rake (= 0.8.7)
      rspec (= 2.5.0)
      syntax (= 1.0.0)
      term-ansicolor (= 1.0.5)

GEM
  remote: http://rubygems.org/
  specs:
    akephalos (0.2.5)
      capybara (~> 0.4.0)
      jruby-jars
    aruba (0.3.5)
      childprocess (>= 0.1.7)
      cucumber (>= 0.10.0)
      rspec (>= 2.5.0)
    bond (0.4.0)
    builder (3.0.0)
    capybara (0.4.1.2)
      celerity (>= 0.7.9)
      culerity (>= 0.2.4)
      mime-types (>= 1.16)
      nokogiri (>= 1.3.3)
      rack (>= 1.0.0)
      rack-test (>= 0.5.4)
      selenium-webdriver (>= 0.0.27)
      xpath (~> 0.1.3)
    celerity (0.8.8)
    childprocess (0.1.8)
      ffi (~> 1.0.6)
    coderay (0.9.7)
    cucumber (0.10.2)
      builder (>= 2.1.2)
      diff-lcs (>= 1.1.2)
      gherkin (>= 2.3.5)
      json (>= 1.4.6)
      term-ansicolor (>= 1.0.5)
    culerity (0.2.15)
    diff-lcs (1.1.2)
    ffi (1.0.7)
      rake (>= 0.8.7)
    gem-man (0.2.0)
    gherkin (2.3.5)
      json (>= 1.4.6)
    hirb (0.4.0)
    jruby-jars (1.6.0)
    json (1.5.1)
    json_pure (1.5.1)
    mime-types (1.16)
    nokogiri (1.4.4)
    rack (1.2.2)
    rack-test (0.5.7)
      rack (>= 1.0)
    rake (0.8.7)
    ripl (0.3.2)
      bond (~> 0.4.0)
    ripl-after_rc (0.1.0)
      ripl (>= 0.2.0)
    ripl-auto_indent (0.1.4)
      coderay (~> 0.9)
      ripl (>= 0.3.1)
      ripl-multi_line (>= 0.2.3)
    ripl-color_error (0.1.1)
      ripl (>= 0.2.0)
    ripl-color_result (0.3.0)
      ripl (>= 0.3.1)
      wirb (>= 0.2.0)
    ripl-color_streams (0.1.2)
      ripl (>= 0.2.8)
    ripl-commands (0.2.1)
      ripl (>= 0.2.9)
    ripl-multi_line (0.2.4)
      ripl (>= 0.3.2)
    ripl-play (0.2.1)
      ripl (>= 0.3.0)
    ripl-profiles (0.1.4)
      ripl (>= 0.2.8)
    ripl-short_errors (0.1.0)
      ripl (>= 0.2.8)
    ripltools (0.1.0)
      gem-man
      hirb (>= 0.3.5)
      ripl (>= 0.2.8)
      ripl-after_rc (~> 0.1)
      ripl-auto_indent (~> 0.1)
      ripl-color_error (~> 0.1)
      ripl-color_result (~> 0.2)
      ripl-color_streams (>= 0.1.2)
      ripl-commands
      ripl-multi_line (~> 0.2)
      ripl-play
      ripl-profiles (>= 0.1.2)
      ripl-short_errors (~> 0.1)
    rspec (2.5.0)
      rspec-core (~> 2.5.0)
      rspec-expectations (~> 2.5.0)
      rspec-mocks (~> 2.5.0)
    rspec-core (2.5.1)
    rspec-expectations (2.5.0)
      diff-lcs (~> 1.1.2)
    rspec-mocks (2.5.0)
    rubyzip (0.9.4)
    selenium-webdriver (0.1.4)
      childprocess (>= 0.1.7)
      ffi (>= 1.0.7)
      json_pure
      rubyzip
    syntax (1.0.0)
    term-ansicolor (1.0.5)
    wirb (0.2.4)
    xpath (0.1.3)
      nokogiri (~> 1.3)

PLATFORMS
  ruby

DEPENDENCIES
  aruba (= 0.3.5)
  ripl
  ripl-multi_line
  ripltools
  squash!
