PATH
  remote: .
  specs:
    squash (0.0.7)
      akephalos (= 0.2.4)
      builder (= 3.0.0)
      capybara (= 0.3.9)
      childprocess (= 0.1.6)
      cucumber (= 0.10.0)
      culerity (= 0.2.14)
      diff-lcs (= 1.1.2)
      ffi (= 0.6.3)
      gherkin (= 2.3.3)
      jruby-jars (= 1.5.6)
      json (= 1.4.6)
      json_pure (= 1.4.6)
      mime-types (= 1.16)
      nokogiri (= 1.4.4)
      rack (= 1.2.1)
      rack-test (= 0.5.7)
      rake (= 0.8.7)
      rspec (= 2.3.0)
      rspec-core (= 2.3.1)
      rspec-expectations (= 2.3.0)
      rspec-mocks (= 2.3.0)
      rubyzip (= 0.9.4)
      selenium-webdriver (= 0.1.2)
      syntax (= 1.0.0)
      term-ansicolor (= 1.0.5)

GEM
  remote: http://rubygems.org/
  specs:
    akephalos (0.2.4)
      capybara (~> 0.3.8)
      jruby-jars
    aruba (0.3.2)
      childprocess (~> 0.1.6)
      cucumber (~> 0.10.0)
      rspec (~> 2.3.0)
    bond (0.4.0)
    builder (3.0.0)
    capybara (0.3.9)
      culerity (>= 0.2.4)
      mime-types (>= 1.16)
      nokogiri (>= 1.3.3)
      rack (>= 1.0.0)
      rack-test (>= 0.5.4)
      selenium-webdriver (>= 0.0.3)
    childprocess (0.1.6)
      ffi (~> 0.6.3)
    coderay (0.9.7)
    cucumber (0.10.0)
      builder (>= 2.1.2)
      diff-lcs (~> 1.1.2)
      gherkin (~> 2.3.2)
      json (~> 1.4.6)
      term-ansicolor (~> 1.0.5)
    culerity (0.2.14)
    diff-lcs (1.1.2)
    ffi (0.6.3)
      rake (>= 0.8.7)
    gem-man (0.2.0)
    gherkin (2.3.3)
      json (~> 1.4.6)
    hirb (0.3.6)
    jruby-jars (1.5.6)
    json (1.4.6)
    json_pure (1.4.6)
    mime-types (1.16)
    nokogiri (1.4.4)
    rack (1.2.1)
    rack-test (0.5.7)
      rack (>= 1.0)
    rake (0.8.7)
    ripl (0.3.1)
      bond (~> 0.4.0)
    ripl-after_rc (0.1.0)
      ripl (>= 0.2.0)
    ripl-auto_indent (0.1.3)
      coderay (~> 0.9)
      ripl (>= 0.2.6)
      ripl-multi_line (>= 0.2.0)
    ripl-color_error (0.1.1)
      ripl (>= 0.2.0)
    ripl-color_result (0.2.0)
      ripl (>= 0.2.8)
    ripl-color_streams (0.1.2)
      ripl (>= 0.2.8)
    ripl-commands (0.2.1)
      ripl (>= 0.2.9)
    ripl-multi_line (0.2.2)
      ripl (>= 0.3.0)
    ripl-play (0.2.1)
      ripl (>= 0.3.0)
    ripl-profiles (0.1.4)
      ripl (>= 0.2.8)
    ripl-rocket (0.1.1)
      ripl (>= 0.3.0)
      unicode-display_width (>= 0.1.1)
    ripl-short_errors (0.1.0)
      ripl (>= 0.2.8)
    ripltools (0.1.1)
      gem-man
      hirb (~> 0.3.5)
      ripl (~> 0.3.0)
      ripl-after_rc (~> 0.1.0)
      ripl-auto_indent (~> 0.1.3)
      ripl-color_error (~> 0.1.0)
      ripl-color_result (~> 0.2.0)
      ripl-color_streams (~> 0.1.2)
      ripl-commands (~> 0.2.1)
      ripl-multi_line (~> 0.2.1)
      ripl-play (~> 0.2.1)
      ripl-profiles (~> 0.1.2)
      ripl-rocket (~> 0.1.0)
      ripl-short_errors (~> 0.1.0)
    rspec (2.3.0)
      rspec-core (~> 2.3.0)
      rspec-expectations (~> 2.3.0)
      rspec-mocks (~> 2.3.0)
    rspec-core (2.3.1)
    rspec-expectations (2.3.0)
      diff-lcs (~> 1.1.2)
    rspec-mocks (2.3.0)
    rubyzip (0.9.4)
    selenium-webdriver (0.1.2)
      childprocess (~> 0.1.5)
      ffi (~> 0.6.3)
      json_pure
      rubyzip
    syntax (1.0.0)
    term-ansicolor (1.0.5)
    unicode-display_width (0.1.1)

PLATFORMS
  ruby

DEPENDENCIES
  aruba (= 0.3.2)
  ripl
  ripl-multi_line
  ripltools
  squash!
