PATH
  remote: .
  specs:
    squash (0.0.6)
      akephalos
      cucumber
      rspec
      syntax

GEM
  remote: http://rubygems.org/
  specs:
    akephalos (0.2.4)
      capybara (~> 0.3.8)
      jruby-jars
    aruba (0.3.2)
      childprocess (~> 0.1.6)
      cucumber (~> 0.10.0)
      rspec (~> 2.3.0)
    builder (3.0.0)
    capybara (0.3.9)
      culerity (>= 0.2.4)
      mime-types (>= 1.16)
      nokogiri (>= 1.3.3)
      rack (>= 1.0.0)
      rack-test (>= 0.5.4)
      selenium-webdriver (>= 0.0.3)
    childprocess (0.1.6)
      ffi (~> 0.6.3)
    cucumber (0.10.0)
      builder (>= 2.1.2)
      diff-lcs (~> 1.1.2)
      gherkin (~> 2.3.2)
      json (~> 1.4.6)
      term-ansicolor (~> 1.0.5)
    culerity (0.2.14)
    diff-lcs (1.1.2)
    ffi (0.6.3)
      rake (>= 0.8.7)
    gherkin (2.3.3)
      json (~> 1.4.6)
    jruby-jars (1.5.6)
    json (1.4.6)
    json_pure (1.4.6)
    mime-types (1.16)
    nokogiri (1.4.4)
    rack (1.2.1)
    rack-test (0.5.7)
      rack (>= 1.0)
    rake (0.8.7)
    rspec (2.3.0)
      rspec-core (~> 2.3.0)
      rspec-expectations (~> 2.3.0)
      rspec-mocks (~> 2.3.0)
    rspec-core (2.3.1)
    rspec-expectations (2.3.0)
      diff-lcs (~> 1.1.2)
    rspec-mocks (2.3.0)
    rubyzip (0.9.4)
    selenium-webdriver (0.1.2)
      childprocess (~> 0.1.5)
      ffi (~> 0.6.3)
      json_pure
      rubyzip
    syntax (1.0.0)
    term-ansicolor (1.0.5)

PLATFORMS
  ruby

DEPENDENCIES
  akephalos
  aruba
  cucumber
  rake
  rspec
  squash!
  syntax
